PATH
  remote: .
  specs:
    interphase (1.0.0)
      gtk2 (~> 3.2, >= 3.2.0)

GEM
  remote: https://rubygems.org/
  specs:
    atk (3.2.1)
      glib2 (= 3.2.1)
    atk (3.2.1-x64-mingw32)
      glib2 (= 3.2.1)
    cairo (1.15.11)
      native-package-installer (>= 1.0.3)
      pkg-config (>= 1.2.2)
    cairo (1.15.11-x64-mingw32)
      native-package-installer (>= 1.0.3)
      pkg-config (>= 1.2.2)
    cairo-gobject (3.2.1)
      cairo
      glib2 (= 3.2.1)
    cairo-gobject (3.2.1-x64-mingw32)
      cairo
      glib2 (= 3.2.1)
    diff-lcs (1.3)
    gdk_pixbuf2 (3.2.1)
      gio2 (= 3.2.1)
    gdk_pixbuf2 (3.2.1-x64-mingw32)
      gio2 (= 3.2.1)
    gio2 (3.2.1)
      glib2 (= 3.2.1)
      gobject-introspection (= 3.2.1)
    gio2 (3.2.1-x64-mingw32)
      glib2 (= 3.2.1)
      gobject-introspection (= 3.2.1)
    glib2 (3.2.1)
      native-package-installer (>= 1.0.3)
      pkg-config (>= 1.2.2)
    glib2 (3.2.1-x64-mingw32)
      cairo (>= 1.15.9)
      native-package-installer (>= 1.0.3)
      pkg-config (>= 1.2.2)
    gobject-introspection (3.2.1)
      glib2 (= 3.2.1)
    gobject-introspection (3.2.1-x64-mingw32)
      glib2 (= 3.2.1)
    gtk2 (3.2.1)
      atk (= 3.2.1)
      gdk_pixbuf2 (= 3.2.1)
      pango (= 3.2.1)
    gtk2 (3.2.1-x64-mingw32)
      atk (= 3.2.1)
      gdk_pixbuf2 (= 3.2.1)
      pango (= 3.2.1)
    native-package-installer (1.0.6)
    pango (3.2.1)
      cairo (>= 1.14.0)
      cairo-gobject (= 3.2.1)
      gobject-introspection (= 3.2.1)
    pango (3.2.1-x64-mingw32)
      cairo (>= 1.14.0)
      cairo-gobject (= 3.2.1)
      gobject-introspection (= 3.2.1)
    pkg-config (1.2.9)
    rake (12.0.0)
    rspec (3.7.0)
      rspec-core (~> 3.7.0)
      rspec-expectations (~> 3.7.0)
      rspec-mocks (~> 3.7.0)
    rspec-core (3.7.1)
      rspec-support (~> 3.7.0)
    rspec-expectations (3.7.0)
      diff-lcs (>= 1.2.0, < 2.0)
      rspec-support (~> 3.7.0)
    rspec-mocks (3.7.0)
      diff-lcs (>= 1.2.0, < 2.0)
      rspec-support (~> 3.7.0)
    rspec-support (3.7.1)

PLATFORMS
  ruby
  x64-mingw32
  x86_64-linux

DEPENDENCIES
  interphase!
  rake (~> 12.0, >= 12.0.0)
  rspec (~> 3.7, >= 3.7.0)

BUNDLED WITH
   1.16.1
